STORAGE: NONE
RESTRICTION: == net47
NUGET
  remote: https://www.nuget.org/api/v2
    FSharp.Core (4.7)
    Google.Protobuf (3.9.1)
    Microsoft.Extensions.Http (2.2)
    Newtonsoft.Json (12.0.2)
    System.ValueTuple (4.5)
    TaskBuilder.fs (2.1)
      FSharp.Core (>= 4.1.17)
      System.ValueTuple (>= 4.4)
    Thoth.Json.Net (3.5.1)
      FSharp.Core (>= 4.6.2)
      Newtonsoft.Json (>= 11.0.2)
